GEM
  remote: https://rubygems.org/
  specs:
    coderay (1.1.0)
    json (1.8.2)
    method_source (0.8.2)
    mini_portile (0.6.2)
    netrc (0.7.9)
    nokogiri (1.6.6.2)
      mini_portile (~> 0.6.0)
    pry (0.10.1)
      coderay (~> 1.1.0)
      method_source (~> 0.8.1)
      slop (~> 3.4)
    rest_client (1.8.3)
      netrc (~> 0.7.7)
    ruby-progressbar (1.7.5)
    slop (3.6.0)

PLATFORMS
  ruby

DEPENDENCIES
  json
  nokogiri
  pry
  rest_client
  ruby-progressbar
